PATH
  remote: .
  specs:
    dtk-dsl (0.0.1)

GEM
  remote: https://rubygems.org/
  specs:

PLATFORMS
  ruby

DEPENDENCIES
  dtk-dsl!
